GEM
  remote: https://rubygems.org/
  specs:
    diff-lcs (1.5.0)
    hashie (5.0.0)
    icalendar (2.8.0)
      ice_cube (~> 0.16)
    ice_cube (0.16.4)
    rake (13.0.6)
    rspec (3.12.0)
      rspec-core (~> 3.12.0)
      rspec-expectations (~> 3.12.0)
      rspec-mocks (~> 3.12.0)
    rspec-core (3.12.0)
      rspec-support (~> 3.12.0)
    rspec-expectations (3.12.0)
      diff-lcs (>= 1.2.0, < 2.0)
      rspec-support (~> 3.12.0)
    rspec-mocks (3.12.0)
      diff-lcs (>= 1.2.0, < 2.0)
      rspec-support (~> 3.12.0)
    rspec-support (3.12.0)
    rspec-temp_dir (1.1.1)
      rspec (>= 3.0)

PLATFORMS
  ruby

DEPENDENCIES
  hashie
  icalendar
  rake
  rspec
  rspec-temp_dir

BUNDLED WITH
   2.1.2
